GEM
  remote: https://rubygems.org/
  specs:
    logger (1.3.0)
    minitest (5.11.3)
    mustermann (1.1.1)
      ruby2_keywords (~> 0.0.1)
    rack (2.2.3)
    rack-protection (2.2.0)
      rack
    rack-test (1.1.0)
      rack (>= 1.0, < 3)
    redis (4.1.1)
    ruby2_keywords (0.0.5)
    rubysl-ostruct (2.1.0)
    sinatra (2.2.0)
      mustermann (~> 1.0)
      rack (~> 2.2)
      rack-protection (= 2.2.0)
      tilt (~> 2.0)
    tilt (2.0.10)

PLATFORMS
  ruby

DEPENDENCIES
  logger (= 1.3.0)
  minitest (= 5.11.3)
  rack-test (= 1.1.0)
  redis (= 4.1.1)
  rubysl-ostruct (= 2.1.0)
  sinatra (= 2.2.0)

BUNDLED WITH
   2.0.1
